GEM
  remote: https://rubygems.org/
  specs:
    array_include_methods (1.5.1)
    awesome_print (1.9.2)
    chunky_png (1.4.0)
    coderay (1.1.3)
    color (1.8)
    equalizer (0.0.11)
    facets (3.1.0)
    glimmer (2.8.0)
      array_include_methods (>= 1.4.0, < 1.6.0)
      facets (>= 3.1.0, < 4.0.0)
    glimmer-dsl-libui (0.12.6)
      chunky_png (~> 1.4.0)
      color (~> 1.8)
      equalizer (= 0.0.11)
      glimmer (~> 2.8.0)
      libui (= 0.1.2)
      os (>= 1.0.0, < 2.0.0)
      perfect-shape (~> 1.0.8)
      puts_debuggerer (>= 1.0.1, < 2.0.0)
      rake (>= 10.1.0, < 14.0.0)
      rake-tui (>= 0.2.3, < 2.0.0)
      rouge (>= 3.26.0, < 4.0.0)
      super_module (~> 1.4.1)
      text-table (>= 1.2.4, < 2.0.0)
    libui (0.1.2)
    libui (0.1.2-arm64-darwin)
    libui (0.1.2-x64-mingw)
    matrix (0.4.2)
    method_source (1.1.0)
    ocra (1.3.11)
    os (1.1.4)
    pastel (0.8.0)
      tty-color (~> 0.5)
    perfect-shape (1.0.8)
      equalizer (>= 0.0.11, < 1.1.0)
      matrix (>= 0.4.2, < 1.1.0)
    pry (0.15.2)
      coderay (~> 1.1)
      method_source (~> 1.0)
    puts_debuggerer (1.0.1)
      awesome_print (~> 1.9.2)
    rake (13.2.1)
    rake-tui (0.2.3)
      tty-prompt
    rouge (3.30.0)
    super_module (1.4.2)
      method_source (>= 0.8.2, < 2.0.0)
    text-table (1.2.4)
    tty-color (0.6.0)
    tty-cursor (0.7.1)
    tty-prompt (0.23.1)
      pastel (~> 0.8)
      tty-reader (~> 0.8)
    tty-reader (0.9.0)
      tty-cursor (~> 0.7)
      tty-screen (~> 0.8)
      wisper (~> 2.0)
    tty-screen (0.8.2)
    wisper (2.0.1)

PLATFORMS
  arm64-darwin-23
  ruby
  x64-mingw-ucrt
  x86-mingw32

DEPENDENCIES
  glimmer-dsl-libui
  ocra
  pry

BUNDLED WITH
   2.6.0
